GEM
  remote: http://rubygems.org/
  specs:
    addressable (2.3.5)
    bel (0.2.0)
    diff-lcs (1.2.5)
    ebnf (0.3.1)
      rdf
      sxp
    json (1.8.1)
    rake (10.1.0)
    rdf (1.0.10.2)
      addressable (>= 2.3)
    rdf-turtle (1.0.9)
      ebnf (>= 0.3.0)
      rdf (>= 1.0.7)
    rdoc (3.12.2)
      json (~> 1.4)
    rspec (2.14.1)
      rspec-core (~> 2.14.0)
      rspec-expectations (~> 2.14.0)
      rspec-mocks (~> 2.14.0)
    rspec-core (2.14.7)
    rspec-expectations (2.14.4)
      diff-lcs (>= 1.1.3, < 2.0)
    rspec-mocks (2.14.4)
    sxp (0.1.3)
      json (>= 1.1.1)
    yard (0.8.7.3)

PLATFORMS
  ruby

DEPENDENCIES
  bel (~> 0.2.0)
  bundler (~> 1.0)
  rake (~> 10.1.0)
  rdf (~> 1.0.10)
  rdf-turtle (~> 1.0.9)
  rdoc (~> 3.12)
  rspec (~> 2.14.0)
  yard (~> 0.7)
